GEM
  remote: http://rubygems.org/
  specs:
    chef-api (0.8.0)
      logify (~> 0.1)
      mime-types
    diff-lcs (1.3)
    logify (0.2.0)
    mime-types (3.1)
      mime-types-data (~> 3.2015)
    mime-types-data (3.2016.0521)
    rspec-expectations (3.7.0)
      diff-lcs (>= 1.2.0, < 2.0)
      rspec-support (~> 3.7.0)
    rspec-mocks (3.7.0)
      diff-lcs (>= 1.2.0, < 2.0)
      rspec-support (~> 3.7.0)
    rspec-support (3.7.1)
    stove (6.0.0)
      chef-api (~> 0.5)
      logify (~> 0.2)

PLATFORMS
  ruby

DEPENDENCIES
  rspec-expectations
  rspec-mocks
  stove

BUNDLED WITH
   1.16.1
